PATH
  remote: .
  specs:
    cloudstack_client (1.2.0)
      multi_json (~> 1.11)

GEM
  remote: https://rubygems.org/
  specs:
    bond (0.5.1)
    minitest (5.8.3)
    multi_json (1.11.2)
    rake (10.4.2)
    ripl (0.7.1)
      bond (~> 0.5.1)
    thor (0.19.1)

PLATFORMS
  ruby

DEPENDENCIES
  cloudstack_client!
  minitest (~> 5.8)
  rake (~> 10.4)
  ripl (~> 0.7)
  thor (~> 0.19)
