PATH
  remote: .
  specs:
    cloudstack_client (1.5.0)

GEM
  remote: https://rubygems.org/
  specs:
    bond (0.5.1)
    minitest (5.10.1)
    rake (12.0.0)
    ripl (0.7.1)
      bond (~> 0.5.1)
    thor (0.19.4)

PLATFORMS
  ruby

DEPENDENCIES
  cloudstack_client!
  minitest (~> 5.9)
  rake (~> 12.0)
  ripl (~> 0.7)
  thor (~> 0.19)

BUNDLED WITH
   1.13.7
