PATH
  remote: .
  specs:
    cloudstack_client (1.4.3)

GEM
  remote: https://rubygems.org/
  specs:
    bond (0.5.1)
    minitest (5.9.0)
    rake (11.2.0)
    ripl (0.7.1)
      bond (~> 0.5.1)
    thor (0.19.1)

PLATFORMS
  ruby

DEPENDENCIES
  cloudstack_client!
  minitest (~> 5.9)
  rake (~> 11.2)
  ripl (~> 0.7)
  thor (~> 0.19)

BUNDLED WITH
   1.12.4
