PATH
  remote: .
  specs:
    cloudstack_client (1.4.0)

GEM
  remote: https://rubygems.org/
  specs:
    bond (0.5.1)
    minitest (5.8.4)
    rake (11.1.2)
    ripl (0.7.1)
      bond (~> 0.5.1)
    thor (0.19.1)

PLATFORMS
  ruby

DEPENDENCIES
  cloudstack_client!
  minitest (~> 5.8)
  rake (~> 11.1)
  ripl (~> 0.7)
  thor (~> 0.19)

BUNDLED WITH
   1.11.2
