PATH
  remote: .
  specs:
    cloudstack_client (1.5.7)

GEM
  remote: https://rubygems.org/
  specs:
    bond (0.5.1)
    minitest (5.13.0)
    rake (13.0.1)
    ripl (0.7.1)
      bond (~> 0.5.1)
    thor (1.0.1)

PLATFORMS
  ruby

DEPENDENCIES
  cloudstack_client!
  minitest (~> 5.11)
  rake (~> 13.0)
  ripl (~> 0.7)
  thor (~> 1.0)

BUNDLED WITH
   1.17.1
