PATH
  remote: .
  specs:
    cloudstack_client (1.5.4)

GEM
  remote: https://rubygems.org/
  specs:
    bond (0.5.1)
    minitest (5.11.3)
    rake (12.3.1)
    ripl (0.7.1)
      bond (~> 0.5.1)
    thor (0.20.0)

PLATFORMS
  ruby

DEPENDENCIES
  cloudstack_client!
  minitest (~> 5.11)
  rake (~> 12.3)
  ripl (~> 0.7)
  thor (~> 0.20)

BUNDLED WITH
   1.16.1
